PATH
  remote: .
  specs:
    puppet (8.10.0)
      concurrent-ruby (~> 1.0)
      deep_merge (~> 1.0)
      facter (>= 4.3.0, < 5)
      fast_gettext (>= 2.1, < 4)
      getoptlong (~> 0.2.0)
      locale (~> 2.1)
      multi_json (~> 1.13)
      puppet-resource_api (~> 1.5)
      scanf (~> 1.0)
      semantic_puppet (~> 1.0)

GEM
  remote: https://artifactory.delivery.puppetlabs.net/artifactory/api/gems/rubygems/
  specs:
    CFPropertyList (3.0.7)
      base64
      nkf
      rexml
    addressable (2.8.7)
      public_suffix (>= 2.0.2, < 7.0)
    artifactory (3.0.17)
    ast (2.4.2)
    base64 (0.2.0)
    bigdecimal (3.1.8)
    coderay (1.1.3)
    concurrent-ruby (1.3.4)
    crack (1.0.0)
      bigdecimal
      rexml
    csv (3.3.0)
    declarative (0.0.20)
    deep_merge (1.2.2)
    diff-lcs (1.5.1)
    digest-crc (0.6.5)
      rake (>= 12.0.0, < 14.0.0)
    docopt (0.6.1)
    erubi (1.13.0)
    facter (4.10.0)
      hocon (~> 1.3)
      thor (>= 1.0.1, < 1.3)
    faraday (2.12.0)
      faraday-net_http (>= 2.0, < 3.4)
      json
      logger
    faraday-net_http (3.3.0)
      net-http
    fast_gettext (2.4.0)
      prime
    ffi (1.16.3)
    forwardable (1.3.3)
    getoptlong (0.2.1)
    gettext (3.4.9)
      erubi
      locale (>= 2.0.5)
      prime
      racc
      text (>= 1.3.0)
    gettext-setup (1.1.0)
      fast_gettext (~> 2.1)
      gettext (~> 3.4)
      locale
    google-apis-core (0.15.1)
      addressable (~> 2.5, >= 2.5.1)
      googleauth (~> 1.9)
      httpclient (>= 2.8.3, < 3.a)
      mini_mime (~> 1.0)
      mutex_m
      representable (~> 3.0)
      retriable (>= 2.0, < 4.a)
    google-apis-iamcredentials_v1 (0.21.0)
      google-apis-core (>= 0.15.0, < 2.a)
    google-apis-storage_v1 (0.47.0)
      google-apis-core (>= 0.15.0, < 2.a)
    google-cloud-core (1.7.1)
      google-cloud-env (>= 1.0, < 3.a)
      google-cloud-errors (~> 1.0)
    google-cloud-env (2.2.1)
      faraday (>= 1.0, < 3.a)
    google-cloud-errors (1.4.0)
    google-cloud-storage (1.52.0)
      addressable (~> 2.8)
      digest-crc (~> 0.4)
      google-apis-core (~> 0.13)
      google-apis-iamcredentials_v1 (~> 0.18)
      google-apis-storage_v1 (~> 0.38)
      google-cloud-core (~> 1.6)
      googleauth (~> 1.9)
      mini_mime (~> 1.0)
    googleauth (1.11.1)
      faraday (>= 1.0, < 3.a)
      google-cloud-env (~> 2.1)
      jwt (>= 1.4, < 3.0)
      multi_json (~> 1.11)
      os (>= 0.9, < 2.0)
      signet (>= 0.16, < 2.a)
    hashdiff (1.1.1)
    hiera-eyaml (4.1.0)
      highline (~> 2.1)
      optimist (~> 3.1)
    highline (2.1.0)
    hocon (1.4.0)
    hpricot (0.8.6)
    httpclient (2.8.3)
    json (2.7.2)
    json-schema (2.8.1)
      addressable (>= 2.4)
    jwt (2.9.3)
      base64
    language_server-protocol (3.17.0.3)
    locale (2.1.4)
    logger (1.6.1)
    memory_profiler (1.1.0)
    method_source (1.1.0)
    mini_mime (1.1.5)
    minitar (0.12.1)
    msgpack (1.7.3)
    multi_json (1.15.0)
    mustache (1.1.1)
    mutex_m (0.2.0)
    net-http (0.4.1)
      uri
    nkf (0.2.0)
    optimist (3.1.0)
    os (1.1.4)
    packaging (0.122.2)
      artifactory (~> 3)
      csv (>= 3.1.5)
      google-cloud-storage
      googleauth
      rake (>= 12.3)
      release-metrics
      retriable (~> 3.1, >= 3.1.2)
      rexml
    pandoc-ruby (2.1.10)
    parallel (1.26.3)
    parser (3.3.5.0)
      ast (~> 2.4.1)
      racc
    prime (0.1.2)
      forwardable
      singleton
    pry (0.14.2)
      coderay (~> 1.1)
      method_source (~> 1.0)
    public_suffix (6.0.1)
    puppet-resource_api (1.9.0)
      hocon (>= 1.0)
    puppet-strings (4.1.3)
      rgen (~> 0.9)
      yard (~> 0.9, < 0.9.37)
    puppetserver-ca (2.7.0)
      facter (>= 2.0.1, < 5)
    racc (1.5.2)
    rainbow (3.1.1)
    rake (13.2.1)
    rdiscount (2.2.7.3)
    rdoc (6.3.4.1)
    regexp_parser (2.9.2)
    release-metrics (1.1.0)
      csv
      docopt
    representable (3.2.0)
      declarative (< 0.1.0)
      trailblazer-option (>= 0.1.1, < 0.2.0)
      uber (< 0.2.0)
    retriable (3.1.2)
    rexml (3.3.8)
    rgen (0.9.1)
    ronn (0.7.3)
      hpricot (>= 0.8.2)
      mustache (>= 0.7.0)
      rdiscount (>= 1.5.8)
    rspec (3.13.0)
      rspec-core (~> 3.13.0)
      rspec-expectations (~> 3.13.0)
      rspec-mocks (~> 3.13.0)
    rspec-core (3.13.1)
      rspec-support (~> 3.13.0)
    rspec-expectations (3.13.3)
      diff-lcs (>= 1.2.0, < 2.0)
      rspec-support (~> 3.13.0)
    rspec-its (1.3.0)
      rspec-core (>= 3.0.0)
      rspec-expectations (>= 3.0.0)
    rspec-mocks (3.13.2)
      diff-lcs (>= 1.2.0, < 2.0)
      rspec-support (~> 3.13.0)
    rspec-support (3.13.1)
    rubocop (1.67.0)
      json (~> 2.3)
      language_server-protocol (>= 3.17.0)
      parallel (~> 1.10)
      parser (>= 3.3.0.2)
      rainbow (>= 2.2.2, < 4.0)
      regexp_parser (>= 2.4, < 3.0)
      rubocop-ast (>= 1.32.2, < 2.0)
      ruby-progressbar (~> 1.7)
      unicode-display_width (>= 2.4.0, < 3.0)
    rubocop-ast (1.32.3)
      parser (>= 3.3.1.0)
    rubocop-capybara (2.21.0)
      rubocop (~> 1.41)
    rubocop-factory_bot (2.26.1)
      rubocop (~> 1.61)
    rubocop-i18n (3.0.0)
      rubocop (~> 1.0)
    rubocop-performance (1.22.1)
      rubocop (>= 1.48.1, < 2.0)
      rubocop-ast (>= 1.31.1, < 2.0)
    rubocop-rake (0.6.0)
      rubocop (~> 1.0)
    rubocop-rspec (2.31.0)
      rubocop (~> 1.40)
      rubocop-capybara (~> 2.17)
      rubocop-factory_bot (~> 2.22)
      rubocop-rspec_rails (~> 2.28)
    rubocop-rspec_rails (2.29.1)
      rubocop (~> 1.61)
    ruby-prof (1.7.0)
    ruby-progressbar (1.13.0)
    scanf (1.0.0)
    semantic_puppet (1.1.0)
    signet (0.19.0)
      addressable (~> 2.8)
      faraday (>= 0.17.5, < 3.a)
      jwt (>= 1.5, < 3.0)
      multi_json (~> 1.10)
    singleton (0.2.0)
    syslog (0.1.2)
    text (1.3.1)
    thor (1.2.2)
    trailblazer-option (0.1.2)
    uber (0.1.0)
    unicode-display_width (2.6.0)
    uri (0.13.1)
    vcr (6.3.1)
      base64
    webmock (3.24.0)
      addressable (>= 2.8.0)
      crack (>= 0.3.2)
      hashdiff (>= 0.4.0, < 2.0.0)
    webrick (1.8.2)
    yard (0.9.36)

PLATFORMS
  ruby
  x86_64-linux

DEPENDENCIES
  CFPropertyList (>= 3.0.6, < 4)
  diff-lcs (~> 1.3)
  facter (~> 4.3)
  ffi (>= 1.15.5, < 1.17.0, != 1.16.2, != 1.16.1, != 1.16.0)
  gettext-setup (~> 1.0)
  hiera-eyaml
  hocon (~> 1.0)
  json-schema (~> 2.0)
  memory_profiler
  minitar (~> 0.9)
  msgpack (~> 1.2)
  packaging (~> 0.113)
  pandoc-ruby
  pry
  puppet!
  puppet-resource_api (~> 1.5)
  puppet-strings
  puppetserver-ca (~> 2.0)
  racc (= 1.5.2)
  rake (~> 13.0)
  rdoc (~> 6.0, < 6.4.0)
  ronn (~> 0.7.3)
  rspec (~> 3.1)
  rspec-expectations (~> 3.9, != 3.9.3)
  rspec-its (~> 1.1)
  rubocop (~> 1.0)
  rubocop-i18n (~> 3.0)
  rubocop-performance (~> 1.0)
  rubocop-rake (~> 0.6)
  rubocop-rspec (~> 2.0)
  ruby-prof (>= 0.16.0)
  semantic_puppet (~> 1.0)
  syslog (~> 0.1.1)
  vcr (~> 6.1)
  webmock (~> 3.0)
  webrick (~> 1.7)
  yard

BUNDLED WITH
   2.5.19
